PATH
  remote: .
  specs:
    book-searcher (0.1.0)
      json

GEM
  remote: https://rubygems.org/
  specs:
    json (2.1.0)
    rake (10.5.0)

PLATFORMS
  ruby

DEPENDENCIES
  book-searcher!
  bundler
  rake

BUNDLED WITH
   2.2.4
