PATH
  remote: .
  specs:
    book-searcher (0.1.0)

GEM
  remote: https://rubygems.org/
  specs:
    rake (10.5.0)

PLATFORMS
  ruby

DEPENDENCIES
  book-searcher!
  bundler (~> 1.17)
  rake (~> 10.0)

BUNDLED WITH
   2.2.4
